GEM
  remote: https://rubygems.org/
  specs:
    ffi (1.0.11)
    growl (1.0.3)
    guard (1.0.3)
      ffi (>= 0.5.0)
      thor (>= 0.14.6)
    guard-rake (0.0.7)
      guard
      rake
    rake (0.9.2.2)
    thor (0.15.2)

PLATFORMS
  ruby

DEPENDENCIES
  growl
  guard
  guard-rake
